GEM
  specs:
    ansi (1.5.0)
    ast (2.1.0)
    backports (3.6.6)
    multi_json (1.11.2)
    oga (1.2.3)
      ast
      ruby-ll (~> 2.1)
    rack (1.5.5)
    rack-protection (1.5.3)
      rack
    rack-test (0.6.3)
      rack (>= 1.0)
    ruby-ll (2.1.2)
      ansi
      ast
    sinatra (1.4.6)
      rack (~> 1.4)
      rack-protection (~> 1.4)
      tilt (>= 1.3, < 3)
    sinatra-contrib (1.4.6)
      backports (>= 2.0)
      multi_json
      rack-protection
      rack-test
      sinatra (~> 1.4.0)
      tilt (>= 1.3, < 3)
    tilt (1.4.1)

PLATFORMS
  ruby

DEPENDENCIES
  oga
  sinatra
  sinatra-contrib

BUNDLED WITH
   1.10.6
